GEM
  remote: https://rubygems.org/
  specs:
    little-plugger (1.1.4)
    logging (2.1.0)
      little-plugger (~> 1.1)
      multi_json (~> 1.10)
    marc (1.0.0)
      scrub_rb (>= 1.0.1, < 2)
      unf
    multi_json (1.12.1)
    rake (12.0.0)
    scrub_rb (1.0.1)
    unf (0.1.4)
      unf_ext
    unf_ext (0.0.7.4)

PLATFORMS
  ruby

DEPENDENCIES
  logging
  marc
  rake

BUNDLED WITH
   1.15.0
