GEM
  remote: https://rubygems.org/
  specs:
    coderay (1.1.2)
    fuzzy_match (2.1.0)
    httparty (0.15.5)
      multi_xml (>= 0.5.2)
    little-plugger (1.1.4)
    logging (2.1.0)
      little-plugger (~> 1.1)
      multi_json (~> 1.10)
    marc (1.0.0)
      scrub_rb (>= 1.0.1, < 2)
      unf
    method_source (0.8.2)
    mini_portile2 (2.3.0)
    multi_json (1.12.1)
    multi_xml (0.6.0)
    nokogiri (1.8.1)
      mini_portile2 (~> 2.3.0)
    parallel (1.12.0)
    pry (0.11.0)
      coderay (~> 1.1.0)
      method_source (~> 0.8.1)
    rake (12.0.0)
    scrub_rb (1.0.1)
    sequel (4.48.0)
    sqlite3 (1.3.13)
    unf (0.1.4)
      unf_ext
    unf_ext (0.0.7.4)

PLATFORMS
  ruby

DEPENDENCIES
  fuzzy_match
  httparty
  logging
  marc
  nokogiri
  parallel
  pry
  rake
  sequel
  sqlite3

BUNDLED WITH
   1.15.0
