GEM
  remote: https://rubygems.org/
  specs:
    httparty (0.15.5)
      multi_xml (>= 0.5.2)
    little-plugger (1.1.4)
    logging (2.1.0)
      little-plugger (~> 1.1)
      multi_json (~> 1.10)
    marc (1.0.0)
      scrub_rb (>= 1.0.1, < 2)
      unf
    multi_json (1.12.1)
    multi_xml (0.6.0)
    mysql2 (0.4.5)
    rake (12.0.0)
    scrub_rb (1.0.1)
    sequel (4.48.0)
    unf (0.1.4)
      unf_ext
    unf_ext (0.0.7.4)

PLATFORMS
  ruby

DEPENDENCIES
  httparty
  logging
  marc
  mysql2
  rake
  sequel

BUNDLED WITH
   1.15.0
